PATH
  remote: .
  specs:
    brcobranca (7.1.2)
      activemodel (>= 3)
      activesupport (>= 3)
      parseline (~> 1.0.3)
      rghost (~> 0.9)
      rghost_barcode (~> 0.9)
      unidecoder (>= 1.1.2)

GEM
  remote: https://rubygems.org/
  specs:
    activemodel (5.0.0.1)
      activesupport (= 5.0.0.1)
    activesupport (5.0.0.1)
      concurrent-ruby (~> 1.0, >= 1.0.2)
      i18n (~> 0.7)
      minitest (~> 5.1)
      tzinfo (~> 1.1)
    ast (2.3.0)
    codeclimate-test-reporter (1.0.3)
      simplecov
    coderay (1.1.1)
    concurrent-ruby (1.0.2)
    coveralls (0.8.17)
      json (>= 1.8, < 3)
      simplecov (~> 0.12.0)
      term-ansicolor (~> 1.3)
      thor (~> 0.19.1)
      tins (~> 1.6)
    diff-lcs (1.2.5)
    docile (1.1.5)
    i18n (0.7.0)
    json (2.0.2)
    method_source (0.8.2)
    minitest (5.10.1)
    parseline (1.0.3)
    parser (2.3.3.1)
      ast (~> 2.2)
    powerpack (0.1.1)
    pry (0.10.4)
      coderay (~> 1.1.0)
      method_source (~> 0.8.1)
      slop (~> 3.4)
    rainbow (2.1.0)
    rake (12.0.0)
    rghost (0.9.6)
    rghost_barcode (0.9)
    rspec (3.5.0)
      rspec-core (~> 3.5.0)
      rspec-expectations (~> 3.5.0)
      rspec-mocks (~> 3.5.0)
    rspec-core (3.5.4)
      rspec-support (~> 3.5.0)
    rspec-expectations (3.5.0)
      diff-lcs (>= 1.2.0, < 2.0)
      rspec-support (~> 3.5.0)
    rspec-mocks (3.5.0)
      diff-lcs (>= 1.2.0, < 2.0)
      rspec-support (~> 3.5.0)
    rspec-support (3.5.0)
    rubocop (0.46.0)
      parser (>= 2.3.1.1, < 3.0)
      powerpack (~> 0.1)
      rainbow (>= 1.99.1, < 3.0)
      ruby-progressbar (~> 1.7)
      unicode-display_width (~> 1.0, >= 1.0.1)
    rubocop-rspec (1.8.0)
      rubocop (>= 0.42.0)
    ruby-progressbar (1.8.1)
    simplecov (0.12.0)
      docile (~> 1.1.0)
      json (>= 1.8, < 3)
      simplecov-html (~> 0.10.0)
    simplecov-html (0.10.0)
    slop (3.6.0)
    term-ansicolor (1.4.0)
      tins (~> 1.0)
    thor (0.19.4)
    thread_safe (0.3.5)
    timecop (0.8.1)
    tins (1.13.0)
    tzinfo (1.2.2)
      thread_safe (~> 0.1)
    unicode-display_width (1.1.2)
    unidecoder (1.1.2)

PLATFORMS
  ruby

DEPENDENCIES
  brcobranca!
  codeclimate-test-reporter (~> 1.0.0)
  coveralls
  pry
  rake
  rspec
  rubocop
  rubocop-rspec
  simplecov
  timecop

BUNDLED WITH
   1.13.6
